GEM
  specs:

GEM
  remote: https://rubygems.org/
  specs:
    curb (0.9.10)
    httparty (0.21.0)
      mini_mime (>= 1.0.0)
      multi_xml (>= 0.5.2)
    mini_mime (1.1.2)
    multi_xml (0.6.0)
    mustermann (1.0.3)
    rack (2.0.7)
    rack-protection (2.0.7)
      rack
    sinatra (2.0.7)
      mustermann (~> 1.0)
      rack (~> 2.0)
      rack-protection (= 2.0.7)
      tilt (~> 2.0)
    tilt (2.0.10)

PLATFORMS
  ruby

DEPENDENCIES
  curb (~> 0.9.10)!
  httparty (~> 0.21.0)!
  sinatra (~> 2.0, >= 2.0.7)!

BUNDLED WITH
   2.0.2
